GEM
  remote: https://rubygems.org/
  specs:
    eventmachine (1.0.3)
    json (1.8.1)
    websocket-driver (0.3.5)

PLATFORMS
  ruby

DEPENDENCIES
  eventmachine (~> 1.0.3)
  json (~> 1.8.1)
  websocket-driver (~> 0.3.5)
